GEM
  remote: https://rubygems.org/
  specs:
    boson (1.3.0)

PLATFORMS
  ruby

DEPENDENCIES
  boson
